GEM
  remote: https://rubygems.org/
  specs:
    optparse (0.3.1)

PLATFORMS
  arm64-darwin-22

DEPENDENCIES
  optparse (~> 0.3.1)

BUNDLED WITH
   2.2.3
