GEM
  remote: https://rubygems.org/
  specs:
    minitest (5.18.1)
    optparse (0.3.1)

PLATFORMS
  arm64-darwin-22

DEPENDENCIES
  minitest (~> 5.18)
  optparse (~> 0.3.1)

BUNDLED WITH
   2.2.3
